GEM
  remote: http://rubygems.org/
  specs:
    addressable (2.2.8)
    async_sinatra (0.5.0)
      rack (>= 1.2.1)
      sinatra (>= 1.0)
    builder (3.1.4)
    caldecott (0.0.5)
      addressable (~> 2.2.6)
      async_sinatra (~> 0.5.0)
      em-http-request (~> 0.3.0)
      em-websocket (~> 0.3.1)
      json (~> 1.6.1)
      uuidtools (~> 2.1.2)
    celluloid (0.12.4)
      facter (>= 1.6.12)
      timers (>= 1.0.0)
    cfoundry (0.4.9)
      multi_json (~> 1.4.0)
      multipart-post (~> 1.1.0)
      rubyzip (~> 0.9.9)
    clockwork (0.4.1)
      tzinfo
    connection_pool (0.9.2)
    em-http-request (0.3.0)
      addressable (>= 2.0.0)
      escape_utils
      eventmachine (>= 0.12.9)
    em-websocket (0.3.8)
      addressable (>= 2.1.1)
      eventmachine (>= 0.12.9)
    escape_utils (0.2.4)
    eventmachine (1.0.0)
    excon (0.16.10)
    facter (1.6.16)
    fog (1.8.0)
      builder
      excon (~> 0.14)
      formatador (~> 0.2.0)
      mime-types
      multi_json (~> 1.0)
      net-scp (~> 1.0.4)
      net-ssh (>= 2.1.3)
      nokogiri (~> 1.5.0)
      ruby-hmac
    formatador (0.2.4)
    json (1.6.7)
    mime-types (1.19)
    multi_json (1.4.0)
    multipart-post (1.1.5)
    net-scp (1.0.4)
      net-ssh (>= 1.99.1)
    net-ssh (2.6.2)
    nokogiri (1.5.5)
    rack (1.4.1)
    rack-protection (1.3.2)
      rack
    redis (3.0.2)
    redis-namespace (1.2.1)
      redis (~> 3.0.0)
    rest-client (1.6.7)
      mime-types (>= 1.16)
    ruby-hmac (0.4.0)
    rubyzip (0.9.9)
    sidekiq (2.5.4)
      celluloid (~> 0.12.0)
      connection_pool (~> 0.9.2)
      multi_json (~> 1)
      redis (~> 3)
      redis-namespace
    sinatra (1.3.3)
      rack (~> 1.3, >= 1.3.6)
      rack-protection (~> 1.2)
      tilt (~> 1.3, >= 1.3.3)
    tilt (1.3.3)
    timers (1.0.2)
    tunnel-vmc-plugin (0.1.10)
      addressable (~> 2.2.6)
      caldecott (~> 0.0.5)
      cfoundry (~> 0.4.0)
      eventmachine (~> 1.0.0.beta)
      rest-client (~> 1.6.7)
    tzinfo (0.3.35)
    uuidtools (2.1.3)

PLATFORMS
  ruby

DEPENDENCIES
  cfoundry (= 0.4.9)
  clockwork
  fog
  rubyzip
  sidekiq
  tunnel-vmc-plugin
